

GROUP net6.0
REDIRECTS: OFF
STORAGE: NONE
STRATEGY: MIN
CONDITION: NET6_0
RESTRICTION: || (== net6.0) (== net6.0-windows7.0)
NUGET
  remote: https://api.nuget.org/v3/index.json
    System.CodeDom (7.0)
    System.Management (7.0.2)
      System.CodeDom (>= 7.0)
